GEM
  remote: https://rubygems.org/
  specs:
    aws-sdk (2.2.34)
      aws-sdk-resources (= 2.2.34)
    aws-sdk-core (2.2.34)
      jmespath (~> 1.0)
    aws-sdk-resources (2.2.34)
      aws-sdk-core (= 2.2.34)
    capistrano (3.4.0)
      i18n
      rake (>= 10.0.0)
      sshkit (~> 1.3)
    eventmachine (0.12.10)
    i18n (0.6.0)
    jmespath (1.2.4)
      json_pure (>= 1.8.1)
    json_pure (1.8.3)
    mime-types (1.25.1)
    net-scp (1.2.1)
      net-ssh (>= 2.6.5)
    net-ssh (2.9.4)
    rake (10.5.0)
    sshkit (1.11.1)
      net-scp (>= 1.1.2)
      net-ssh (>= 2.8.0)
    tilt (1.4.0)

PLATFORMS
  ruby

DEPENDENCIES
  aws-sdk (~> 2)
  capistrano (= 3.4)
  eventmachine (= 0.12.10)
  i18n (= 0.6)
  mime-types (= 1.25.1)
  net-ssh (~> 2.9.2)
  rake (~> 10.3)
  tilt (= 1.4)

BUNDLED WITH
   1.12.5
